GEM
  remote: https://rubygems.org/
  specs:
    activemodel (5.1.4)
      activesupport (= 5.1.4)
    activerecord (5.1.4)
      activemodel (= 5.1.4)
      activesupport (= 5.1.4)
      arel (~> 8.0)
    activesupport (5.1.4)
      concurrent-ruby (~> 1.0, >= 1.0.2)
      i18n (~> 0.7)
      minitest (~> 5.1)
      tzinfo (~> 1.1)
    arel (8.0.0)
    backports (3.11.0)
    concurrent-ruby (1.0.5)
    hashie (3.5.7)
    i18n (0.9.1)
      concurrent-ruby (~> 1.0)
    minitest (5.11.1)
    multi_json (1.13.1)
    mustermann (1.0.1)
    oauth (0.5.4)
    omniauth (1.8.1)
      hashie (>= 3.4.6, < 3.6.0)
      rack (>= 1.6.2, < 3)
    omniauth-oauth (1.1.0)
      oauth
      omniauth (~> 1.0)
    omniauth-twitter (1.4.0)
      omniauth-oauth (~> 1.1)
      rack
    rack (2.0.3)
    rack-protection (2.0.0)
      rack
    rake (12.3.0)
    sinatra (2.0.0)
      mustermann (~> 1.0)
      rack (~> 2.0)
      rack-protection (= 2.0.0)
      tilt (~> 2.0)
    sinatra-activerecord (2.0.13)
      activerecord (>= 3.2)
      sinatra (>= 1.0)
    sinatra-contrib (2.0.0)
      backports (>= 2.0)
      multi_json
      mustermann (~> 1.0)
      rack-protection (= 2.0.0)
      sinatra (= 2.0.0)
      tilt (>= 1.3, < 3)
    sqlite3 (1.3.13)
    thread_safe (0.3.6)
    tilt (2.0.8)
    tzinfo (1.2.4)
      thread_safe (~> 0.1)

PLATFORMS
  ruby

DEPENDENCIES
  omniauth-twitter
  rake
  sinatra
  sinatra-activerecord
  sinatra-contrib
  sqlite3

BUNDLED WITH
   1.16.1
